GEM
  remote: http://rubygems.org/
  specs:
    builder (3.2.3)
    calatrava (0.6.11)
      cucumber (~> 1.3.19)
      haml (~> 3.1.7)
      mustache (~> 0.99.4)
      rake (>= 0.9.5)
      sass (~> 3.2.3)
      thor (>= 0.16.0)
      watir-webdriver (~> 0.6.1)
    childprocess (2.0.0)
      rake (< 13.0)
    cucumber (1.3.20)
      builder (>= 2.1.2)
      diff-lcs (>= 1.1.3)
      gherkin (~> 2.12)
      multi_json (>= 1.7.5, < 2.0)
      multi_test (>= 0.1.2)
    diff-lcs (1.3)
    gherkin (2.12.2)
      multi_json (~> 1.3)
    haml (3.1.8)
    multi_json (1.13.1)
    multi_test (0.1.2)
    mustache (0.99.8)
    rake (12.3.3)
    rubyzip (2.0.0)
    sass (3.2.19)
    selenium-webdriver (3.142.5)
      childprocess (>= 0.5, < 3.0)
      rubyzip (>= 1.2.2)
    thor (0.20.3)
    watir-webdriver (0.6.11)
      selenium-webdriver (>= 2.18.0)

PLATFORMS
  ruby

DEPENDENCIES
  calatrava (>= 0.6.11)
  rake

BUNDLED WITH
   1.17.3
